GEM
  remote: https://rubygems.org/
  specs:
    power_assert (0.3.0)
    rake (11.2.2)
    rdtool (0.6.38)
    test-unit (3.2.1)
      power_assert

PLATFORMS
  ruby

DEPENDENCIES
  rake
  rdtool
  test-unit

BUNDLED WITH
   1.12.5
