GEM
  remote: https://rubygems.org/
  specs:
    power_assert (0.3.0)
    rake (11.1.2)
    test-unit (3.1.8)
      power_assert

PLATFORMS
  ruby

DEPENDENCIES
  rake
  test-unit

BUNDLED WITH
   1.12.2
