PATH
  remote: .
  specs:
    algebra (0.2.3)

GEM
  remote: https://rubygems.org/
  specs:
    mathn (0.1.0)
    minitest (5.14.4)
    power_assert (2.0.1)
    rake (13.0.6)
    rdtool (0.6.38)
    test-unit (3.4.7)
      power_assert

PLATFORMS
  ruby

DEPENDENCIES
  algebra!
  bundler (>= 2.2.10)
  mathn
  minitest (~> 5.0)
  rake (>= 12.3.3)
  rdtool
  test-unit

BUNDLED WITH
   2.2.10
